PATH
  remote: .
  specs:
    todolist_project (1.0.0)

GEM
  remote: https://rubygems.org/
  specs:
    ansi (1.5.0)
    builder (3.2.3)
    minitest (5.10.3)
    minitest-reporters (1.1.19)
      ansi
      builder
      minitest (>= 5.0)
      ruby-progressbar
    rake (12.3.0)
    ruby-progressbar (1.9.0)
    stamp (0.6.0)

PLATFORMS
  ruby

DEPENDENCIES
  minitest (~> 5.10.1)
  minitest-reporters (~> 1.1.18)
  rake
  stamp
  todolist_project!

RUBY VERSION
   ruby 2.4.1p111

BUNDLED WITH
   1.15.4
